GEM
  remote: https://rubygems.org/
  specs:
    byebug (11.0.1)
    coderay (1.1.2)
    crabstone (4.0.0)
      ffi
    ffi (1.11.1)
    hex_string (1.0.1)
    keystone-engine (0.9.0)
      ffi (~> 1.9)
    method_source (0.9.2)
    pry (0.12.2)
      coderay (~> 1.1.0)
      method_source (~> 0.9.0)
    pry-byebug (3.7.0)
      byebug (~> 11.0)
      pry (~> 0.10)

PLATFORMS
  ruby

DEPENDENCIES
  crabstone
  hex_string
  keystone-engine
  pry-byebug

BUNDLED WITH
   1.16.6
